GEM
  remote: https://rubygems.org/
  specs:
    rainbow (2.2.1)

PLATFORMS
  ruby

DEPENDENCIES
  rainbow

BUNDLED WITH
   1.14.3
